GEM
  remote: https://rubygems.org/
  specs:
    backports (2.6.5)
    bluecloth (2.2.0)
    daemons (1.1.9)
    eventmachine (1.0.0)
    haml (3.1.7)
    json (1.7.5)
    rack (1.4.1)
    rack-protection (1.3.2)
      rack
    rack-test (0.6.2)
      rack (>= 1.0)
    redcarpet (1.17.2)
    redis (2.1.1)
    sinatra (1.3.3)
      rack (~> 1.3, >= 1.3.6)
      rack-protection (~> 1.2)
      tilt (~> 1.3, >= 1.3.3)
    sinatra-contrib (1.3.2)
      backports (>= 2.0)
      eventmachine
      rack-protection
      rack-test
      sinatra (~> 1.3.0)
      tilt (~> 1.3)
    thin (1.5.0)
      daemons (>= 1.0.9)
      eventmachine (>= 0.12.6)
      rack (>= 1.0.0)
    tilt (1.3.3)

PLATFORMS
  ruby

DEPENDENCIES
  bluecloth (~> 2.2.0)
  haml (~> 3.1.7)
  json (~> 1.7.5)
  redcarpet (~> 1.17.2)
  redis
  sinatra (= 1.3.3)
  sinatra-contrib
  thin (~> 1.5.0)
